GEM
  remote: https://rubygems.org/
  specs:
    coderay (1.1.2)
    memory_profiler (0.9.12)
    method_source (0.9.2)
    minitest (5.11.3)
    pry (0.12.2)
      coderay (~> 1.1.0)
      method_source (~> 0.9.0)
    stackprof (0.2.12)

PLATFORMS
  ruby

DEPENDENCIES
  memory_profiler
  minitest (~> 5.11)
  pry (~> 0.12)
  stackprof

RUBY VERSION
   ruby 2.6.1p33

BUNDLED WITH
   1.17.2
